GIT
  remote: git://github.com/nex3/sass.git
  revision: b84b12aca8b71cfc65185f5c1a0cd8f30a875639
  branch: master
  specs:
    sass (3.3.0.rc.1)
      listen (~> 1.1.0)

GEM
  remote: https://rubygems.org/
  specs:
    ffi (1.9.3)
    listen (1.1.6)
      rb-fsevent (>= 0.9.3)
      rb-inotify (>= 0.9)
      rb-kqueue (>= 0.2)
    rb-fsevent (0.9.3)
    rb-inotify (0.9.2)
      ffi (>= 0.5.0)
    rb-kqueue (0.2.0)
      ffi (>= 0.5.0)

PLATFORMS
  ruby

DEPENDENCIES
  sass!
